GEM
  remote: http://rubygems.org/
  specs:
    autotest-standalone (4.5.5)
    diff-lcs (1.1.2)
    rake (0.8.7)
    rspec (2.6.0)
      rspec-core (~> 2.6.0)
      rspec-expectations (~> 2.6.0)
      rspec-mocks (~> 2.6.0)
    rspec-core (2.6.4)
    rspec-expectations (2.6.0)
      diff-lcs (~> 1.1.2)
    rspec-mocks (2.6.0)

PLATFORMS
  ruby

DEPENDENCIES
  autotest-standalone
  rake (= 0.8.7)
  rspec (~> 2.6.0)
